GEM
  remote: https://rubygems.org/
  specs:
    mysql2 (0.5.5)
    ruby-mysql (2.10.0)

PLATFORMS
  ruby

DEPENDENCIES
  mysql2 (~> 0.5.5)
  ruby-mysql (~> 2.10)

BUNDLED WITH
   2.1.4
